GEM
  specs:
    leonids (0.1.1)

PLATFORMS
  ruby

DEPENDENCIES
  leonids (~> 0.1.1)

BUNDLED WITH
   1.13.2
